GEM
  remote: https://rubygems.org/
  specs:
    diff-lcs (1.2.5)
    rspec (2.14.1)
      rspec-core (~> 2.14.0)
      rspec-expectations (~> 2.14.0)
      rspec-mocks (~> 2.14.0)
    rspec-core (2.14.7)
    rspec-expectations (2.14.5)
      diff-lcs (>= 1.1.3, < 2.0)
    rspec-mocks (2.14.5)
    ruby_parser (3.4.1)
      sexp_processor (~> 4.1)
    sexp_path (0.5.1)
      sexp_processor (~> 4.2)
    sexp_processor (4.4.1)

PLATFORMS
  ruby

DEPENDENCIES
  rspec (~> 2.14.0)
  ruby_parser (~> 3.4.1)
  sexp_path (~> 0.5.1)
