GEM
  remote: https://rubygems.org/
  specs:
    backports (3.6.3)
    byebug (3.5.1)
      columnize (~> 0.8)
      debugger-linecache (~> 1.2)
      slop (~> 3.6)
    coderay (1.1.0)
    columnize (0.8.9)
    debugger-linecache (1.2.0)
    diff-lcs (1.2.5)
    method_source (0.8.2)
    mime-types (1.25.1)
    multi_json (1.10.1)
    netrc (0.8.0)
    pg (0.17.1)
    pry (0.10.1)
      coderay (~> 1.1.0)
      method_source (~> 0.8.1)
      slop (~> 3.4)
    pry-byebug (2.0.0)
      byebug (~> 3.4)
      pry (~> 0.10)
    rack (1.5.2)
    rack-protection (1.5.3)
      rack
    rack-test (0.6.2)
      rack (>= 1.0)
    rest-client (1.7.2)
      mime-types (>= 1.16, < 3.0)
      netrc (~> 0.7)
    rspec (2.14.1)
      rspec-core (~> 2.14.0)
      rspec-expectations (~> 2.14.0)
      rspec-mocks (~> 2.14.0)
    rspec-core (2.14.7)
    rspec-expectations (2.14.5)
      diff-lcs (>= 1.1.3, < 2.0)
    rspec-mocks (2.14.5)
    sinatra (1.4.5)
      rack (~> 1.4)
      rack-protection (~> 1.4)
      tilt (~> 1.3, >= 1.3.4)
    sinatra-contrib (1.4.2)
      backports (>= 2.0)
      multi_json
      rack-protection
      rack-test
      sinatra (~> 1.4.0)
      tilt (~> 1.3)
    slop (3.6.0)
    tilt (1.4.1)

PLATFORMS
  ruby

DEPENDENCIES
  pg
  pry-byebug
  rest-client
  rspec (~> 2.14.1)
  sinatra (~> 1.4.5)
  sinatra-contrib (~> 1.4.2)
